GIT
  remote: https://github.com/tachomex/kybus.git
  revision: 66ec9bd4a977c21e1e257a09da98e2930c8857d0
  branch: botsidekiq
  glob: kybus-bot/kybus-bot.gemspec
  specs:
    kybus-bot (0.9.0)
      kybus-core (~> 0.1)

GEM
  remote: https://rubygems.org/
  specs:
    activemodel (7.1.2)
      activesupport (= 7.1.2)
    activerecord (7.1.2)
      activemodel (= 7.1.2)
      activesupport (= 7.1.2)
      timeout (>= 0.4.0)
    activesupport (7.1.2)
      base64
      bigdecimal
      concurrent-ruby (~> 1.0, >= 1.0.2)
      connection_pool (>= 2.2.5)
      drb
      i18n (>= 1.6, < 2)
      minitest (>= 5.1)
      mutex_m
      tzinfo (~> 2.0)
    addressable (2.8.5)
      public_suffix (>= 2.0.2, < 6.0)
    amazing_print (1.5.0)
    awesome_print (1.9.2)
    base64 (0.2.0)
    bigdecimal (3.1.4)
    byebug (11.1.3)
    coderay (1.1.3)
    concurrent-ruby (1.2.2)
    connection_pool (2.4.1)
    crack (0.4.5)
      rexml
    discordrb (3.5.0)
      discordrb-webhooks (~> 3.5.0)
      ffi (>= 1.9.24)
      opus-ruby
      rest-client (>= 2.0.0)
      websocket-client-simple (>= 0.3.0)
    discordrb-webhooks (3.5.0)
      rest-client (>= 2.0.0)
    docile (1.4.0)
    domain_name (0.6.20231109)
    drb (2.2.0)
      ruby2_keywords
    dry-core (1.0.1)
      concurrent-ruby (~> 1.0)
      zeitwerk (~> 2.6)
    dry-inflector (1.0.0)
    dry-logic (1.5.0)
      concurrent-ruby (~> 1.0)
      dry-core (~> 1.0, < 2)
      zeitwerk (~> 2.6)
    dry-struct (1.6.0)
      dry-core (~> 1.0, < 2)
      dry-types (>= 1.7, < 2)
      ice_nine (~> 0.11)
      zeitwerk (~> 2.6)
    dry-types (1.7.1)
      concurrent-ruby (~> 1.0)
      dry-core (~> 1.0)
      dry-inflector (~> 1.0)
      dry-logic (~> 1.4)
      zeitwerk (~> 2.6)
    event_emitter (0.2.6)
    faraday (2.7.12)
      base64
      faraday-net_http (>= 2.0, < 3.1)
      ruby2_keywords (>= 0.0.4)
    faraday-multipart (1.0.4)
      multipart-post (~> 2)
    faraday-net_http (3.0.2)
    ffi (1.16.3)
    hashdiff (1.0.1)
    http-accept (1.7.0)
    http-cookie (1.0.5)
      domain_name (~> 0.5)
    httparty (0.21.0)
      mini_mime (>= 1.0.0)
      multi_xml (>= 0.5.2)
    i18n (1.14.1)
      concurrent-ruby (~> 1.0)
    ice_nine (0.11.2)
    json (2.6.3)
    kybus-client (0.1.0)
      kybus-core (~> 0.1)
      kybus-logger (~> 0.1)
    kybus-configs (0.2.2)
      kybus-core (~> 0.1)
    kybus-core (0.2.0)
    kybus-logger (0.2.3)
    kybus-nanoservice (0.2.0)
      kybus-core (~> 0.1)
      kybus-storage (~> 0.1)
    kybus-storage (0.1.3)
    method_source (1.0.0)
    mime-types (3.5.1)
      mime-types-data (~> 3.2015)
    mime-types-data (3.2023.1003)
    mini_mime (1.1.5)
    mini_portile2 (2.8.5)
    minitest (5.20.0)
    mocha (2.1.0)
      ruby2_keywords (>= 0.0.5)
    multi_xml (0.6.0)
    multipart-post (2.3.0)
    mutex_m (0.2.0)
    netrc (0.11.0)
    nokogiri (1.15.5)
      mini_portile2 (~> 2.8.2)
      racc (~> 1.4)
    opus-ruby (1.0.1)
      ffi
    pg (1.5.4)
    pry (0.14.2)
      coderay (~> 1.1)
      method_source (~> 1.0)
    public_suffix (5.0.4)
    racc (1.7.3)
    rack (3.0.8)
    rack-minitest (0.0.10)
      json
      minitest (~> 5.0)
      rack-test
    rack-test (2.1.0)
      rack (>= 1.3)
    rake (13.1.0)
    redis-client (0.18.0)
      connection_pool
    rest-client (2.1.0)
      http-accept (>= 1.7.0, < 2.0)
      http-cookie (>= 1.0.2, < 2.0)
      mime-types (>= 1.16, < 4.0)
      netrc (~> 0.8)
    rexml (3.2.6)
    ruby2_keywords (0.0.5)
    sequel (5.74.0)
      bigdecimal
    sidekiq (7.2.0)
      concurrent-ruby (< 2)
      connection_pool (>= 2.3.0)
      rack (>= 2.2.4)
      redis-client (>= 0.14.0)
    simplecov (0.22.0)
      docile (~> 1.1)
      simplecov-html (~> 0.11)
      simplecov_json_formatter (~> 0.1)
    simplecov-html (0.12.3)
    simplecov_json_formatter (0.1.4)
    sqlite3 (1.6.9)
      mini_portile2 (~> 2.8.0)
    telegram-bot-ruby (1.0.0)
      dry-struct (~> 1.6)
      faraday (~> 2.0)
      faraday-multipart (~> 1.0)
      zeitwerk (~> 2.6)
    timeout (0.4.1)
    tzinfo (2.0.6)
      concurrent-ruby (~> 1.0)
    webmock (3.19.1)
      addressable (>= 2.8.0)
      crack (>= 0.3.2)
      hashdiff (>= 0.4.0, < 2.0.0)
    websocket (1.2.10)
    websocket-client-simple (0.8.0)
      event_emitter
      websocket
    zeitwerk (2.6.12)

PLATFORMS
  ruby

DEPENDENCIES
  activerecord
  amazing_print
  awesome_print
  byebug
  discordrb
  httparty
  kybus-bot!
  kybus-client
  kybus-configs
  kybus-core
  kybus-logger
  kybus-nanoservice
  kybus-storage
  mocha
  nokogiri
  pg
  pry
  rack
  rack-minitest
  rake
  sequel
  sidekiq
  simplecov
  sqlite3
  telegram-bot-ruby
  webmock

BUNDLED WITH
   2.1.4
